PATH
  remote: .
  specs:
    rtp (0.0.1)
      bindata (~> 1.4)
      log_switch (>= 0.2.0)

GEM
  remote: http://rubygems.org/
  specs:
    bindata (1.4.5)
    diff-lcs (1.1.3)
    log_switch (0.3.0)
    multi_json (1.3.7)
    rake (0.9.2.2)
    rspec (2.11.0)
      rspec-core (~> 2.11.0)
      rspec-expectations (~> 2.11.0)
      rspec-mocks (~> 2.11.0)
    rspec-core (2.11.1)
    rspec-expectations (2.11.3)
      diff-lcs (~> 1.1.3)
    rspec-mocks (2.11.3)
    simplecov (0.7.1)
      multi_json (~> 1.0)
      simplecov-html (~> 0.7.1)
    simplecov-html (0.7.1)
    tailor (1.1.2)
      log_switch (>= 0.3.0)
      term-ansicolor (>= 1.0.5)
      text-table (>= 1.2.2)
    term-ansicolor (1.0.7)
    text-table (1.2.2)
    yard (0.8.3)

PLATFORMS
  java
  ruby

DEPENDENCIES
  bundler
  rake
  rspec (~> 2.7)
  rtp!
  simplecov
  tailor (>= 1.1.2)
  yard (>= 0.7.2)
