PATH
  remote: .
  specs:
    rtp (0.0.1.alpha)
      bindata (~> 1.4)
      log_switch (>= 0.2.0)

GEM
  remote: http://rubygems.org/
  specs:
    bindata (1.4.3)
    diff-lcs (1.1.3)
    log_switch (0.2.0)
    multi_json (1.0.4)
    rake (0.9.2.2)
    rspec (2.7.0)
      rspec-core (~> 2.7.0)
      rspec-expectations (~> 2.7.0)
      rspec-mocks (~> 2.7.0)
    rspec-core (2.7.1)
    rspec-expectations (2.7.0)
      diff-lcs (~> 1.1.2)
    rspec-mocks (2.7.0)
    simplecov (0.5.4)
      multi_json (~> 1.0.3)
      simplecov-html (~> 0.5.3)
    simplecov-html (0.5.3)
    yard (0.7.4)

PLATFORMS
  java
  ruby

DEPENDENCIES
  bundler
  rake
  rspec (~> 2.7)
  rtp!
  simplecov
  yard (>= 0.7.2)
